PATH
  remote: .
  specs:
    flexmls_api (0.4.5)
      addressable (~> 2.2.5)
      builder (~> 2.1.2)
      curb (~> 0.7.15)
      faraday (~> 0.6.1)
      faraday_middleware (~> 0.6.3)
      flexmls_api
      json (~> 1.5.1)
      multi_json (~> 1.0.0)
      typhoeus (~> 0.2.4)
      will_paginate (~> 3.0.pre2)
      yajl-ruby (~> 0.8.2)

GEM
  remote: http://rubygems.org/
  specs:
    addressable (2.2.6)
    builder (2.1.2)
    ci_reporter (1.6.3)
      builder (>= 2.1.2)
    crack (0.1.8)
    curb (0.7.15)
    diff-lcs (1.1.2)
    faraday (0.6.1)
      addressable (~> 2.2.4)
      multipart-post (~> 1.1.0)
      rack (< 2, >= 1.1.0)
    faraday_middleware (0.6.3)
      faraday (~> 0.6.0)
    git (1.2.5)
    jeweler (1.5.2)
      bundler (~> 1.0.0)
      git (>= 1.2.5)
      rake
    json (1.5.1)
    mime-types (1.16)
    multi_json (1.0.0)
    multipart-post (1.1.0)
    rack (1.2.2)
    rake (0.8.7)
    rcov (0.9.9)
    rspec (2.3.0)
      rspec-core (~> 2.3.0)
      rspec-expectations (~> 2.3.0)
      rspec-mocks (~> 2.3.0)
    rspec-core (2.3.1)
    rspec-expectations (2.3.0)
      diff-lcs (~> 1.1.2)
    rspec-mocks (2.3.0)
    typhoeus (0.2.4)
      mime-types
      mime-types
    webmock (1.4.0)
      addressable (>= 2.2.2)
      crack (>= 0.1.7)
    will_paginate (3.0.pre2)
    yajl-ruby (0.8.2)

PLATFORMS
  ruby

DEPENDENCIES
  ci_reporter (= 1.6.3)
  flexmls_api!
  jeweler (~> 1.5.2)
  rcov (~> 0.9.9)
  rspec (~> 2.3.0)
  webmock (~> 1.4.0)
